GEM
  remote: https://rubygems.org/
  specs:
    activemodel (5.0.1)
      activesupport (= 5.0.1)
    activerecord (5.0.1)
      activemodel (= 5.0.1)
      activesupport (= 5.0.1)
      arel (~> 7.0)
    activesupport (5.0.1)
      concurrent-ruby (~> 1.0, >= 1.0.2)
      i18n (~> 0.7)
      minitest (~> 5.1)
      tzinfo (~> 1.1)
    annotate (2.6.5)
      activerecord (>= 2.3.0)
      rake (>= 0.8.7)
    arel (7.1.4)
    awrence (0.1.0)
    backports (3.6.8)
    bcrypt (3.1.11)
    concurrent-ruby (1.0.4)
    daemons (1.2.4)
    eventmachine (1.2.1)
    git-version-bump (0.15.1)
    hirb (0.7.3)
    i18n (0.7.0)
    jwt (1.5.6)
    minitest (5.10.1)
    multi_json (1.12.1)
    pg (0.19.0)
    plissken (0.2.0)
      symbolize (~> 4.2)
    rack (1.6.5)
    rack-contrib (1.4.0)
      git-version-bump (~> 0.15)
      rack (~> 1.4)
    rack-parser (0.7.0)
      rack
    rack-protection (1.5.3)
      rack
    rack-test (0.6.3)
      rack (>= 1.0)
    rake (12.0.0)
    shotgun (0.9.2)
      rack (>= 1.0)
    sinatra (1.4.7)
      rack (~> 1.5)
      rack-protection (~> 1.4)
      tilt (>= 1.3, < 3)
    sinatra-activerecord (2.0.11)
      activerecord (>= 3.2)
      sinatra (~> 1.0)
    sinatra-contrib (1.4.7)
      backports (>= 2.0)
      multi_json
      rack-protection
      rack-test
      sinatra (~> 1.4.0)
      tilt (>= 1.3, < 3)
    sinatra-strong-params (0.0.2)
      sinatra (>= 1.4.0)
    symbolize (4.3.4)
    thin (1.7.0)
      daemons (~> 1.0, >= 1.0.9)
      eventmachine (~> 1.0, >= 1.0.4)
      rack (>= 1, < 3)
    thread_safe (0.3.5)
    tilt (2.0.5)
    tzinfo (1.2.2)
      thread_safe (~> 0.1)

PLATFORMS
  ruby

DEPENDENCIES
  activerecord
  annotate
  awrence
  bcrypt
  hirb
  jwt
  pg
  plissken
  rack-contrib
  rack-parser
  rake
  shotgun
  sinatra
  sinatra-activerecord
  sinatra-contrib
  sinatra-strong-params
  thin

BUNDLED WITH
   1.13.7
